GEM
  remote: https://rubygems.org/
  specs:
    nio4r (2.5.9)
    puma (6.3.1)
      nio4r (~> 2.0)
    rack (3.0.8)
    sinatra (1.0)
      rack (>= 1.0)

PLATFORMS
  x86_64-linux

DEPENDENCIES
  puma (~> 6.3)
  rack (~> 3.0)
  sinatra (~> 1.0)

BUNDLED WITH
   2.4.19
